GEM
  remote: https://www.rubygems.org/
  specs:
    appium_lib (4.1.0)
      awesome_print (~> 1.2, >= 1.2.0)
      json (~> 1.8, >= 1.8.1)
      nokogiri (~> 1.6.1)
      selenium-webdriver (~> 2.41, >= 2.41.0)
      toml (~> 0.0, >= 0.0.4)
    awesome_print (1.2.0)
    blankslate (2.1.2.4)
    builder (3.2.2)
    childprocess (0.5.3)
      ffi (~> 1.0, >= 1.0.11)
    cucumber (1.3.17)
      builder (>= 2.1.2)
      diff-lcs (>= 1.1.3)
      gherkin (~> 2.12)
      multi_json (>= 1.7.5, < 2.0)
      multi_test (>= 0.1.1)
    diff-lcs (1.2.5)
    ffi (1.9.3)
    gherkin (2.12.2)
      multi_json (~> 1.3)
    json (1.8.1)
    mime-types (2.3)
    mini_portile (0.6.0)
    multi_json (1.10.1)
    multi_test (0.1.1)
    netrc (0.7.7)
    nokogiri (1.6.3.1)
      mini_portile (= 0.6.0)
    parslet (1.5.0)
      blankslate (~> 2.0)
    rest-client (1.7.2)
      mime-types (>= 1.16, < 3.0)
      netrc (~> 0.7)
    rspec (3.1.0)
      rspec-core (~> 3.1.0)
      rspec-expectations (~> 3.1.0)
      rspec-mocks (~> 3.1.0)
    rspec-core (3.1.3)
      rspec-support (~> 3.1.0)
    rspec-expectations (3.1.1)
      diff-lcs (>= 1.2.0, < 2.0)
      rspec-support (~> 3.1.0)
    rspec-mocks (3.1.0)
      rspec-support (~> 3.1.0)
    rspec-support (3.1.0)
    rubyzip (1.1.6)
    selenium-webdriver (2.43.0)
      childprocess (~> 0.5)
      multi_json (~> 1.0)
      rubyzip (~> 1.0)
      websocket (~> 1.0)
    toml (0.1.1)
      parslet (~> 1.5.0)
    websocket (1.2.1)

PLATFORMS
  ruby

DEPENDENCIES
  appium_lib
  cucumber
  rest-client
  rspec
  rspec-expectations
